GEM
  remote: https://rubygems.org/
  specs:
    dotenv (3.1.7)
    erubi (1.12.0)
    netrc (0.11.0)
    parallel (1.23.0)
    prettier_print (1.2.1)
    prism (0.19.0)
    rbi (0.1.6)
      prism (>= 0.18.0, < 0.20)
      sorbet-runtime (>= 0.5.9204)
    sorbet (0.5.11268)
      sorbet-static (= 0.5.11268)
    sorbet-runtime (0.5.11268)
    sorbet-static (0.5.11268-universal-darwin)
    sorbet-static-and-runtime (0.5.11268)
      sorbet (= 0.5.11268)
      sorbet-runtime (= 0.5.11268)
    spoom (1.2.3)
      erubi (>= 1.10.0)
      sorbet-static-and-runtime (>= 0.5.10187)
      syntax_tree (>= 6.1.1)
      thor (>= 0.19.2)
    syntax_tree (6.1.1)
      prettier_print (>= 1.2.0)
    tapioca (0.11.17)
      bundler (>= 2.2.25)
      netrc (>= 0.11.0)
      parallel (>= 1.21.0)
      rbi (>= 0.1.4, < 0.2)
      sorbet-static-and-runtime (>= 0.5.10820)
      spoom (~> 1.2.0, >= 1.2.0)
      thor (>= 1.2.0)
      yard-sorbet
    thor (1.3.1)
    webrick (1.7.0)
    yard (0.9.28)
      webrick (~> 1.7.0)
    yard-sorbet (0.8.1)
      sorbet-runtime (>= 0.5)
      yard (>= 0.9)

PLATFORMS
  arm64-darwin-23
  ruby

DEPENDENCIES
  dotenv
  sorbet
  sorbet-runtime
  tapioca

BUNDLED WITH
   2.5.5
